GIT
  remote: https://github.com/jnicklas/capybara.git
  revision: e20a3336cca83976344ca6b6aea67c88a46fa41e
  tag: 1.1.0.rc1
  specs:
    capybara (1.1.0.rc1)
      mime-types (>= 1.16)
      nokogiri (>= 1.3.3)
      rack (>= 1.0.0)
      rack-test (>= 0.5.4)
      selenium-webdriver (~> 2.0)
      xpath (~> 0.1.4)

GEM
  remote: http://gemcutter.org/
  specs:
    POpen4 (0.1.4)
      Platform (>= 0.4.0)
      open4
    Platform (0.4.0)
    RedCloth (4.2.8)
    aasm (2.1.1)
    actionmailer (2.3.12)
      actionpack (= 2.3.12)
    actionpack (2.3.12)
      activesupport (= 2.3.12)
      rack (~> 1.1.0)
    activerecord (2.3.12)
      activesupport (= 2.3.12)
    activeresource (2.3.12)
      activesupport (= 2.3.12)
    activesupport (2.3.12)
    addressable (2.2.6)
    capistrano (2.9.0)
      highline
      net-scp (>= 1.0.0)
      net-sftp (>= 2.0.0)
      net-ssh (>= 2.0.14)
      net-ssh-gateway (>= 1.1.0)
    capistrano-ext (1.2.1)
      capistrano (>= 1.0.0)
    childprocess (0.2.2)
      ffi (~> 1.0.6)
    chronic (0.6.4)
    coffee-script (2.2.0)
      coffee-script-source
      execjs
    coffee-script-source (1.1.2)
    css_parser (1.2.5)
      addressable
    dalli (1.0.4)
    execjs (1.2.9)
      multi_json (~> 1.0)
    factory_girl (2.2.0)
      activesupport
    ffi (1.0.10)
    guard (0.8.8)
      thor (~> 0.14.6)
    guard-rspec (0.5.3)
      guard (>= 0.8.4)
    haml (3.1.3)
    highline (1.6.2)
    hirb (0.3.5)
    i18n (0.6.0)
    jammit (0.6.3)
      yui-compressor (>= 0.9.3)
    json (1.6.1)
    json_pure (1.6.1)
    mail_style (0.1.6)
      actionmailer (>= 1.2.3)
      css_parser (>= 1.0.0)
      nokogiri (>= 1.0.0)
    mime-types (1.17.2)
    multi_json (1.0.3)
    mysql (2.8.1)
    net-scp (1.0.4)
      net-ssh (>= 1.99.1)
    net-sftp (2.0.5)
      net-ssh (>= 2.0.9)
    net-ssh (2.2.1)
    net-ssh-gateway (1.1.0)
      net-ssh (>= 1.99.1)
    nokogiri (1.5.0)
    open4 (1.2.0)
    propel (0.4.2)
      json
    rack (1.1.2)
    rack-test (0.6.1)
      rack (>= 1.0)
    rails (2.3.12)
      actionmailer (= 2.3.12)
      actionpack (= 2.3.12)
      activerecord (= 2.3.12)
      activeresource (= 2.3.12)
      activesupport (= 2.3.12)
      rake (>= 0.8.3)
    rake (0.9.2)
    rb-fsevent (0.4.3.1)
    rdoc (3.9.4)
    rest-client (1.6.7)
      mime-types (>= 1.16)
    rspec (1.2.0)
    rspec-rails (1.2.0)
      rack (>= 0.4.0)
      rspec (= 1.2.0)
    rubyzip (0.9.4)
    rvm (1.2.6)
    sass (3.1.7)
    selenium-webdriver (2.12.1)
      childprocess (>= 0.2.1)
      ffi (~> 1.0.9)
      json_pure
      rubyzip
    slim_scrooge (1.0.12)
    spork (0.8.5)
    super_exception_notifier (3.0.13)
      actionmailer
      rake
    thor (0.14.6)
    uglifier (1.0.3)
      execjs (>= 0.3.0)
      multi_json (>= 1.0.2)
    will_paginate (2.3.11)
    wirble (0.1.3)
    xpath (0.1.4)
      nokogiri (~> 1.3)
    yui-compressor (0.9.6)
      POpen4 (>= 0.1.4)

PLATFORMS
  ruby

DEPENDENCIES
  RedCloth (= 4.2.8)
  aasm (= 2.1.1)
  capistrano
  capistrano-ext (~> 1.2.1)
  capybara!
  chronic (= 0.6.4)
  coffee-script (= 2.2.0)
  dalli (= 1.0.4)
  factory_girl
  guard-rspec
  haml (= 3.1.3)
  hirb (= 0.3.5)
  i18n (= 0.6.0)
  jammit (= 0.6.3)
  json (= 1.6.1)
  mail_style (= 0.1.6)
  mysql (= 2.8.1)
  propel (= 0.4.2)
  rails (= 2.3.12)
  rake (= 0.9.2)
  rb-fsevent
  rdoc (= 3.9.4)
  rest-client (= 1.6.7)
  rspec-rails (= 1.2.0)
  rvm (= 1.2.6)
  sass (= 3.1.7)
  slim_scrooge (= 1.0.12)
  spork (~> 0.8)
  super_exception_notifier (= 3.0.13)
  uglifier (= 1.0.3)
  will_paginate (= 2.3.11)
  wirble (= 0.1.3)
  yui-compressor (= 0.9.6)
